NUGET
  remote: https://www.nuget.org/api/v2
  specs:
    FSharp.Core (3.1.2.5)
    Npgsql (2.2.5)
    Suave (1.0.0)
      FSharp.Core (>= 3.1.2.5)
    Suave.Experimental (1.0.0)
      FSharp.Core (>= 3.1.2.5)
      Suave (>= 1.0.0)
